GEM
  remote: https://rubygems.org/
  specs:
    csv (3.3.4)
    json (2.12.2)

PLATFORMS
  ruby
  x86_64-linux

DEPENDENCIES
  csv
  json

BUNDLED WITH
   2.5.22
