GEM
  remote: https://rubygems.org/
  specs:
    csv (3.3.2)
    json (2.10.1)

PLATFORMS
  ruby
  x86_64-linux

DEPENDENCIES
  csv
  json

BUNDLED WITH
   2.5.22
